GIT
  remote: git://github.com/Hobo/hobo_paperclip.git
  revision: abb4e77b849e78be9f1594b7304b71dc5a76157d
  branch: master
  specs:
    hobo_paperclip (0.0.4)
      hobo
      paperclip

GIT
  remote: git://github.com/Hobo/hobo_simple_color
  revision: 6222ef21c34f12dafea791a9fa3f2c67d63908a9
  specs:
    hobo_simple_color (0.0.2)
      hobo (> 1.4.0.pre4)

GIT
  remote: git://github.com/Hobo/hobo_tokeninput
  revision: 271317004e0a3c6fd6083405b30193e3fbbae0ba
  specs:
    hobo_tokeninput (0.0.1)
      hobo (> 1.4.0.pre5)

GIT
  remote: git://github.com/Hobo/will_paginate.git
  revision: e2bfe0a07c9fd1c6d7bf914e25db5182697ae7c2
  specs:
    will_paginate (3.0.4.hobo)

GIT
  remote: git://github.com/jnicklas/capybara.git
  revision: 60683d9054b4f4024c57591a122cebfe11dfdcc3
  specs:
    capybara (2.2.0)
      mime-types (>= 1.16)
      nokogiri (>= 1.3.3)
      rack (>= 1.0.0)
      rack-test (>= 0.5.4)
      xpath (~> 2.0)

PATH
  remote: ../..
  specs:
    dryml (2.1.0.pre3)
      actionpack (~> 4.0.2)
      hobo_support (= 2.1.0.pre3)
    hobo (2.1.0.pre3)
      dryml (= 2.1.0.pre3)
      hobo_fields (= 2.1.0.pre3)
      hobo_support (= 2.1.0.pre3)
      hobo_will_paginate
    hobo_clean (2.1.0.pre3)
      hobo (= 2.1.0.pre3)
      hobo_jquery (= 2.1.0.pre3)
    hobo_fields (2.1.0.pre3)
      hobo_support (= 2.1.0.pre3)
    hobo_jquery (2.1.0.pre3)
      hobo_rapid (= 2.1.0.pre3)
      jquery-rails (~> 2.0)
    hobo_jquery_ui (2.1.0.pre3)
      hobo (= 2.1.0.pre3)
      hobo_jquery (= 2.1.0.pre3)
      jquery-ui-themes (~> 0.0.4)
    hobo_rapid (2.1.0.pre3)
      hobo (= 2.1.0.pre3)
    hobo_support (2.1.0.pre3)
      rails (~> 4.0.2)

GEM
  remote: http://rubygems.org/
  specs:
    RedCloth (4.2.9)
    RedCloth (4.2.9-java)
    actionmailer (4.0.2)
      actionpack (= 4.0.2)
      mail (~> 2.5.4)
    actionpack (4.0.2)
      activesupport (= 4.0.2)
      builder (~> 3.1.0)
      erubis (~> 2.7.0)
      rack (~> 1.5.2)
      rack-test (~> 0.6.2)
    activemodel (4.0.2)
      activesupport (= 4.0.2)
      builder (~> 3.1.0)
    activerecord (4.0.2)
      activemodel (= 4.0.2)
      activerecord-deprecated_finders (~> 1.0.2)
      activesupport (= 4.0.2)
      arel (~> 4.0.0)
    activerecord-deprecated_finders (1.0.3)
    activerecord-jdbc-adapter (1.3.4)
      activerecord (>= 2.2)
    activerecord-jdbcsqlite3-adapter (1.3.4)
      activerecord-jdbc-adapter (~> 1.3.4)
      jdbc-sqlite3 (~> 3.7.2)
    activesupport (4.0.2)
      i18n (~> 0.6, >= 0.6.4)
      minitest (~> 4.2)
      multi_json (~> 1.3)
      thread_safe (~> 0.1)
      tzinfo (~> 0.3.37)
    acts_as_list (0.3.0)
      activerecord (>= 3.0)
    addressable (2.3.5)
    arel (4.0.1)
    atomic (1.1.14)
    atomic (1.1.14-java)
    awesome_print (1.2.0)
    builder (3.1.4)
    childprocess (0.3.9)
      ffi (~> 1.0, >= 1.0.11)
    climate_control (0.0.3)
      activesupport (>= 3.0)
    cocaine (0.5.3)
      climate_control (>= 0.0.3, < 1.0)
    coffee-rails (4.0.1)
      coffee-script (>= 2.2.0)
      railties (>= 4.0.0, < 5.0)
    coffee-script (2.2.0)
      coffee-script-source
      execjs
    coffee-script-source (1.6.3)
    database_cleaner (1.2.0)
    erubis (2.7.0)
    execjs (2.0.2)
    factory_girl (4.3.0)
      activesupport (>= 3.0.0)
    factory_girl_rails (4.3.0)
      factory_girl (~> 4.3.0)
      railties (>= 3.0.0)
    ffi (1.9.3)
    ffi (1.9.3-java)
    hike (1.2.3)
    hobo_will_paginate (2.1.1)
    httparty (0.12.0)
      json (~> 1.8)
      multi_xml (>= 0.5.2)
    i18n (0.6.9)
    jdbc-sqlite3 (3.7.2.1)
    jquery-rails (2.3.0)
      railties (>= 3.0, < 5.0)
      thor (>= 0.14, < 2.0)
    jquery-ui-themes (0.0.11)
      httparty
    json (1.8.1)
    json (1.8.1-java)
    kramdown (1.3.0)
    libv8 (3.16.14.3)
    libwebsocket (0.1.8)
      addressable
      websocket
    mail (2.5.4)
      mime-types (~> 1.16)
      treetop (~> 1.4.8)
    mime-types (1.25.1)
    mini_portile (0.5.2)
    minitest (4.7.5)
    multi_json (1.8.2)
    multi_xml (0.5.5)
    nokogiri (1.6.1)
      mini_portile (~> 0.5.0)
    nokogiri (1.6.1-java)
      mini_portile (~> 0.5.0)
    paperclip (2.8.0)
      activerecord (>= 2.3.0)
      activesupport (>= 2.3.2)
      cocaine (>= 0.0.2)
      mime-types
    polyglot (0.3.3)
    protected_attributes (1.0.5)
      activemodel (>= 4.0.1, < 5.0)
    rack (1.5.2)
    rack-test (0.6.2)
      rack (>= 1.0)
    rails (4.0.2)
      actionmailer (= 4.0.2)
      actionpack (= 4.0.2)
      activerecord (= 4.0.2)
      activesupport (= 4.0.2)
      bundler (>= 1.3.0, < 2.0)
      railties (= 4.0.2)
      sprockets-rails (~> 2.0.0)
    railties (4.0.2)
      actionpack (= 4.0.2)
      activesupport (= 4.0.2)
      rake (>= 0.8.7)
      thor (>= 0.18.1, < 2.0)
    rake (10.1.1)
    ref (1.0.5)
    rubyzip (0.9.9)
    sass (3.2.13)
    sass-rails (4.0.1)
      railties (>= 4.0.0, < 5.0)
      sass (>= 3.1.10)
      sprockets-rails (~> 2.0.0)
    selenium-webdriver (2.25.0)
      childprocess (>= 0.2.5)
      libwebsocket (~> 0.1.3)
      multi_json (~> 1.0)
      rubyzip
    shoulda (3.5.0)
      shoulda-context (~> 1.0, >= 1.0.1)
      shoulda-matchers (>= 1.4.1, < 3.0)
    shoulda-context (1.1.6)
    shoulda-matchers (2.4.0)
      activesupport (>= 3.0.0)
    sprockets (2.10.1)
      hike (~> 1.2)
      multi_json (~> 1.0)
      rack (~> 1.0)
      tilt (~> 1.1, != 1.3.0)
    sprockets-rails (2.0.1)
      actionpack (>= 3.0)
      activesupport (>= 3.0)
      sprockets (~> 2.8)
    sqlite3 (1.3.8)
    therubyracer (0.12.0)
      libv8 (~> 3.16.14.0)
      ref
    thor (0.18.1)
    thread_safe (0.1.3)
      atomic
    thread_safe (0.1.3-java)
      atomic
    tilt (1.4.1)
    treetop (1.4.15)
      polyglot
      polyglot (>= 0.3.1)
    turbolinks (2.1.0)
      coffee-rails
    tzinfo (0.3.38)
    uglifier (2.4.0)
      execjs (>= 0.3.0)
      json (>= 1.8.0)
    websocket (1.1.2)
    xpath (2.0.0)
      nokogiri (~> 1.3)

PLATFORMS
  java
  ruby

DEPENDENCIES
  RedCloth
  activerecord-jdbcsqlite3-adapter
  acts_as_list
  awesome_print
  capybara!
  coffee-rails (~> 4.0.0)
  database_cleaner
  dryml!
  factory_girl_rails
  hobo!
  hobo_clean!
  hobo_fields!
  hobo_jquery!
  hobo_jquery_ui!
  hobo_paperclip!
  hobo_rapid!
  hobo_simple_color!
  hobo_support!
  hobo_tokeninput!
  jquery-rails
  jquery-ui-themes (~> 0.0.4)
  kramdown
  paperclip (~> 2.7)
  protected_attributes
  rails (= 4.0.2)
  rubyzip (< 1.0.0)
  sass-rails (~> 4.0.0)
  selenium-webdriver (~> 2.25.0)
  shoulda
  sqlite3
  therubyracer
  turbolinks
  uglifier (>= 1.0.3)
  will_paginate!
